GEM
  remote: https://rubygems.org/
  specs:
    minitest (5.0.4)
    rack (1.5.2)
    rake (10.1.0)
    sequel (4.0.0)
    sequel-crushyform (0.1.4)
    sinatra (1.1.0)
      rack (~> 1.1)
      tilt (~> 1.1)
    sqlite3 (1.3.7)
    tilt (1.4.1)
    timecop (0.6.3)

PLATFORMS
  ruby

DEPENDENCIES
  minitest
  rake
  sequel
  sequel-crushyform
  sinatra
  sqlite3
  timecop
