GEM
  remote: https://rubygems.org/
  specs:
    capistrano (2.15.5)
      highline
      net-scp (>= 1.0.0)
      net-sftp (>= 2.0.0)
      net-ssh (>= 2.0.14)
      net-ssh-gateway (>= 1.1.0)
    capistrano-unicorn (0.1.10)
      capistrano
    coderay (1.0.9)
    dotenv (0.8.0)
    highline (1.6.19)
    kgio (2.8.0)
    metaclass (0.0.1)
    method_source (0.8.1)
    minitest (5.0.6)
    mocha (0.14.0)
      metaclass (~> 0.0.1)
    net-scp (1.1.2)
      net-ssh (>= 2.6.5)
    net-sftp (2.1.2)
      net-ssh (>= 2.6.5)
    net-ssh (2.6.8)
    net-ssh-gateway (1.2.0)
      net-ssh (>= 2.6.5)
    oauth (0.4.7)
    pry (0.9.12.2)
      coderay (~> 1.0.5)
      method_source (~> 0.8)
      slop (~> 3.4)
    rack (1.5.2)
    rack-flash3 (1.0.3)
      rack
    rack-protection (1.5.0)
      rack
    raindrops (0.11.0)
    rake (10.1.0)
    rvm-capistrano (1.4.4)
      capistrano (>= 2.15.4)
    sequel (4.1.1)
    sequel-crushyform (0.1.4)
    shotgun (0.9)
      rack (>= 1.0)
    sinatra (1.4.3)
      rack (~> 1.4)
      rack-protection (~> 1.4)
      tilt (~> 1.3, >= 1.3.4)
    slop (3.4.5)
    sqlite3 (1.3.7)
    tilt (1.4.1)
    timecop (0.6.3)
    unicorn (4.6.3)
      kgio (~> 2.6)
      rack
      raindrops (~> 0.7)

PLATFORMS
  ruby

DEPENDENCIES
  capistrano-unicorn
  dotenv
  minitest
  mocha
  oauth
  pry
  rack-flash3
  rake
  rvm-capistrano
  sequel
  sequel-crushyform
  shotgun
  sinatra
  sqlite3
  timecop
  unicorn
