GEM
  remote: https://rubygems.org/
  specs:
    backports (3.3.3)
    capistrano (2.15.5)
      highline
      net-scp (>= 1.0.0)
      net-sftp (>= 2.0.0)
      net-ssh (>= 2.0.14)
      net-ssh-gateway (>= 1.1.0)
    capistrano-unicorn (0.1.10)
      capistrano
    coderay (1.0.9)
    colorize (0.5.8)
    coveralls (0.6.7)
      colorize
      multi_json (~> 1.3)
      rest-client
      simplecov (>= 0.7)
      thor
    descendants_tracker (0.0.1)
    discoverer (0.0.2)
      virtus
    dotenv (0.8.0)
    fast (0.1.4)
      metafun (>= 0.2.0)
      sub-setter (>= 0.0.2)
    highline (1.6.19)
    kgio (2.8.0)
    metaclass (0.0.1)
    metafun (0.2.0)
    method_source (0.8.1)
    mime-types (1.25)
    minitest (5.0.6)
    mocha (0.14.0)
      metaclass (~> 0.0.1)
    multi_json (1.7.9)
    net-scp (1.1.2)
      net-ssh (>= 2.6.5)
    net-sftp (2.1.2)
      net-ssh (>= 2.6.5)
    net-ssh (2.6.8)
    net-ssh-gateway (1.2.0)
      net-ssh (>= 2.6.5)
    oauth (0.4.7)
    pry (0.9.12.2)
      coderay (~> 1.0.5)
      method_source (~> 0.8)
      slop (~> 3.4)
    rack (1.5.2)
    rack-flash3 (1.0.3)
      rack
    rack-protection (1.5.0)
      rack
    rack-test (0.6.2)
      rack (>= 1.0)
    raindrops (0.11.0)
    rake (10.1.0)
    rest-client (1.6.7)
      mime-types (>= 1.16)
    rvm-capistrano (1.4.4)
      capistrano (>= 2.15.4)
    sequel (4.1.1)
    sequel-crushyform (0.1.4)
    sequel-fixture (2.0.1)
      fast
      sequel
      symbolmatrix
    shotgun (0.9)
      rack (>= 1.0)
    simplecov (0.7.1)
      multi_json (~> 1.0)
      simplecov-html (~> 0.7.1)
    simplecov-html (0.7.1)
    sinatra (1.4.3)
      rack (~> 1.4)
      rack-protection (~> 1.4)
      tilt (~> 1.3, >= 1.3.4)
    slop (3.4.5)
    sqlite3 (1.3.7)
    sub-setter (0.0.2)
    symbolmatrix (1.2.0)
      discoverer
    thor (0.18.1)
    tilt (1.4.1)
    timecop (0.6.3)
    unicorn (4.6.3)
      kgio (~> 2.6)
      rack
      raindrops (~> 0.7)
    virtus (0.5.5)
      backports (~> 3.3)
      descendants_tracker (~> 0.0.1)

PLATFORMS
  ruby

DEPENDENCIES
  capistrano-unicorn
  coveralls
  dotenv
  minitest
  mocha
  oauth
  pry
  rack-flash3
  rack-test
  rake
  rvm-capistrano
  sequel
  sequel-crushyform
  sequel-fixture
  shotgun
  simplecov
  sinatra
  sqlite3
  timecop
  unicorn
