GEM
  remote: https://rubygems.org/
  specs:
    minitest (5.0.4)
    pg (0.16.0)
    rack (1.5.2)
    rake (10.1.0)
    sequel (4.0.0)
    sinatra (1.1.0)
      rack (~> 1.1)
      tilt (~> 1.1)
    sqlite3 (1.3.7)
    tilt (1.4.1)

PLATFORMS
  ruby

DEPENDENCIES
  minitest
  pg
  rake
  sequel
  sinatra
  sqlite3
