GEM
  remote: https://rubygems.org/
  specs:
    minitest (5.0.4)
    rack (1.5.2)
    rake (10.1.0)
    sequel (4.0.0)
    sinatra (1.1.0)
      rack (~> 1.1)
      tilt (~> 1.1)
    sinatra-sequel (0.9.0)
      sequel (>= 3.2.0)
      sinatra (>= 0.9.4)
    sqlite3 (1.3.7)
    tilt (1.4.1)

PLATFORMS
  ruby

DEPENDENCIES
  minitest
  rake
  sequel
  sinatra
  sinatra-sequel
  sqlite3
